PATH
  remote: .
  specs:
    pmanager (0.0.1)
      rainbow (~> 2.1.0, >= 2.1.0)
      thor (~> 0.19.1)

GEM
  remote: https://rubygems.org/
  specs:
    rainbow (2.1.0)
    thor (0.19.1)

PLATFORMS
  ruby

DEPENDENCIES
  pmanager!

BUNDLED WITH
   1.12.5
